GEM
  remote: https://rubygems.org/
  specs:
    mustermann (1.0.3)
    puma (3.9.1)
    rack (2.0.7)
    rack-protection (2.0.2)
      rack
    sinatra (2.0.2)
      mustermann (~> 1.0)
      rack (~> 2.0)
      rack-protection (= 2.0.2)
      tilt (~> 2.0)
    slim (3.0.8)
      temple (>= 0.7.6, < 0.9)
      tilt (>= 1.3.3, < 2.1)
    temple (0.8.0)
    tilt (2.0.10)

PLATFORMS
  ruby

DEPENDENCIES
  puma
  sinatra
  slim

BUNDLED WITH
   1.14.6
